GEM
  remote: https://rubygems.org/
  specs:
    activemodel (5.2.3)
      activesupport (= 5.2.3)
    activerecord (5.2.3)
      activemodel (= 5.2.3)
      activesupport (= 5.2.3)
      arel (>= 9.0)
    activesupport (5.2.3)
      concurrent-ruby (~> 1.0, >= 1.0.2)
      i18n (>= 0.7, < 2)
      minitest (~> 5.1)
      tzinfo (~> 1.1)
    arel (9.0.0)
    coderay (1.1.2)
    concurrent-ruby (1.1.3)
    ffi (1.9.25)
    httparty (0.21.0)
      mini_mime (>= 1.0.0)
      multi_xml (>= 0.5.2)
    i18n (1.1.1)
      concurrent-ruby (~> 1.0)
    listen (3.1.5)
      rb-fsevent (~> 0.9, >= 0.9.4)
      rb-inotify (~> 0.9, >= 0.9.7)
      ruby_dep (~> 1.2)
    method_source (0.9.1)
    mini_mime (1.1.2)
    mini_portile2 (2.4.0)
    minitest (5.11.3)
    multi_xml (0.6.0)
    mustermann (1.0.3)
    nokogiri (1.10.4)
      mini_portile2 (~> 2.4.0)
    pg (1.1.4)
    pry (0.12.0)
      coderay (~> 1.1.0)
      method_source (~> 0.9.0)
    rack (2.0.6)
    rack-protection (2.0.4)
      rack
    rack-test (1.1.0)
      rack (>= 1.0, < 3)
    rake (12.3.1)
    rb-fsevent (0.10.3)
    rb-inotify (0.9.10)
      ffi (>= 0.5.0, < 2)
    rerun (0.13.0)
      listen (~> 3.0)
    ruby_dep (1.5.0)
    sassc (2.0.0)
      ffi (~> 1.9.6)
      rake
    sinatra (2.0.4)
      mustermann (~> 1.0)
      rack (~> 2.0)
      rack-protection (= 2.0.4)
      tilt (~> 2.0)
    sinatra-activerecord (2.0.13)
      activerecord (>= 3.2)
      sinatra (>= 1.0)
    thread_safe (0.3.6)
    tilt (2.0.8)
    timecop (0.9.1)
    tzinfo (1.2.5)
      thread_safe (~> 0.1)

PLATFORMS
  ruby

DEPENDENCIES
  httparty
  i18n
  minitest
  nokogiri
  pg
  pry
  rack (>= 2.0.6)
  rack-test
  rake
  rerun
  sassc
  sinatra (>= 2.0.1)
  sinatra-activerecord
  timecop

RUBY VERSION
   ruby 2.5.1p57

BUNDLED WITH
   1.16.6
